GEM
  remote: https://rubygems.org/
  specs:
    kitchen-vagrant (0.19.0)
      test-kitchen (~> 1.4)
    mixlib-install (0.7.1)
    mixlib-shellout (2.2.6)
    net-scp (1.2.1)
      net-ssh (>= 2.6.5)
    net-ssh (3.1.1)
    safe_yaml (1.0.4)
    test-kitchen (1.6.0)
      mixlib-install (~> 0.7)
      mixlib-shellout (>= 1.2, < 3.0)
      net-scp (~> 1.1)
      net-ssh (>= 2.9, < 4.0)
      safe_yaml (~> 1.0)
      thor (~> 0.18)
    thor (0.19.1)

PLATFORMS
  ruby

DEPENDENCIES
  kitchen-vagrant
  test-kitchen

BUNDLED WITH
   1.11.2
